GEM
  remote: https://rubygems.org/
  specs:
    github-markdown (0.5.3)

PLATFORMS
  ruby

DEPENDENCIES
  github-markdown
